FRAMEWORK: >= NET45
NUGET
  remote: https://www.nuget.org/api/v2
    NUnit.ConsoleRunner (3.4)

GROUP addins
FRAMEWORK: >= NET45
NUGET
  remote: https://www.nuget.org/api/v2
    Cake.Paket (1.2)

GROUP build/setup
FRAMEWORK: >= NET45
NUGET
  remote: https://www.nuget.org/api/v2
    Cake.Core (0.17)
    Cake.Figlet (0.3.1)
      Cake.Core (>= 0.14)

GROUP modules
FRAMEWORK: >= NET45
NUGET
  remote: https://www.nuget.org/api/v2
    Cake.Paket.Module (1.2)

GROUP testing
FRAMEWORK: >= NET45
NUGET
  remote: https://www.nuget.org/api/v2
    NUnit (3.5)

GROUP tools
FRAMEWORK: >= NET45
NUGET
  remote: https://www.nuget.org/api/v2
    Cake (0.17)
    JetBrains.ReSharper.CommandLineTools (2016.3.20161223.160402)
